GEM
  remote: https://rubygems.org/
  specs:
    haddock (0.2.2)
    rack (1.6.4)
    rack-protection (1.5.3)
      rack
    rack-ssl-enforcer (0.2.9)
    sinatra (1.4.7)
      rack (~> 1.5)
      rack-protection (~> 1.4)
      tilt (>= 1.3, < 3)
    tilt (2.0.5)

PLATFORMS
  ruby

DEPENDENCIES
  haddock
  rack-ssl-enforcer
  sinatra

RUBY VERSION
   ruby 2.3.1p112

BUNDLED WITH
   1.13.2
