GEM
  remote: https://rubygems.org/
  specs:
    haddock (0.2.2)
    mustermann (1.0.3)
    rack (2.0.6)
    rack-protection (2.0.4)
      rack
    rack-ssl-enforcer (0.2.9)
    sinatra (2.0.4)
      mustermann (~> 1.0)
      rack (~> 2.0)
      rack-protection (= 2.0.4)
      tilt (~> 2.0)
    tilt (2.0.8)

PLATFORMS
  ruby

DEPENDENCIES
  haddock
  rack-ssl-enforcer
  sinatra

RUBY VERSION
   ruby 2.5.3p105

BUNDLED WITH
   1.17.1
